GEM
  remote: https://rubygems.org/
  specs:
    CFPropertyList (2.3.6)
    activesupport (4.2.11)
      i18n (~> 0.7)
      minitest (~> 5.1)
      thread_safe (~> 0.3, >= 0.3.4)
      tzinfo (~> 1.1)
    atomos (0.1.3)
    claide (1.0.2)
    clamp (0.6.5)
    colored2 (3.1.2)
    concurrent-ruby (1.1.4)
    i18n (0.9.5)
      concurrent-ruby (~> 1.0)
    mini_portile2 (2.4.0)
    minitest (5.11.3)
    nanaimo (0.2.6)
    nokogiri (1.10.1)
      mini_portile2 (~> 2.4.0)
    rouge (2.0.7)
    slather (2.4.2)
      CFPropertyList (~> 2.2)
      activesupport (>= 4.0.2, < 5)
      clamp (~> 0.6)
      nokogiri (~> 1.6)
      xcodeproj (~> 1.4)
    thread_safe (0.3.6)
    tzinfo (1.2.5)
      thread_safe (~> 0.1)
    xcodeproj (1.8.0)
      CFPropertyList (>= 2.3.3, < 4.0)
      atomos (~> 0.1.3)
      claide (>= 1.0.2, < 2.0)
      colored2 (~> 3.1)
      nanaimo (~> 0.2.6)
    xcpretty (0.3.0)
      rouge (~> 2.0.7)

PLATFORMS
  ruby

DEPENDENCIES
  nokogiri
  slather
  xcpretty

BUNDLED WITH
   1.16.0
